PATH
  remote: .
  specs:
    vagrant-ovirt4 (2.0.0)
      filesize (~> 0)
      nokogiri (~> 1)
      ovirt-engine-sdk (~> 4)

GEM
  remote: http://rubygems.org/
  specs:
    byebug (11.1.3)
    coderay (1.1.3)
    filesize (0.2.0)
    json (2.5.1)
    method_source (1.0.0)
    mini_portile2 (2.5.0)
    nokogiri (1.11.3)
      mini_portile2 (~> 2.5.0)
      racc (~> 1.4)
    ovirt-engine-sdk (4.4.1)
      json (>= 1, < 3)
    pry (0.14.1)
      coderay (~> 1.1)
      method_source (~> 1.0)
    pry-byebug (3.8.0)
      byebug (~> 11.0)
      pry (~> 0.10)
    racc (1.5.2)
    rake (13.0.3)
    rake-release (1.3.0)
      bundler (>= 1.11, < 3)
    rspec-core (3.10.1)
      rspec-support (~> 3.10.0)
    rspec-support (3.10.2)

PLATFORMS
  ruby

DEPENDENCIES
  byebug
  pry
  pry-byebug
  rake
  rake-release
  rspec-core
  vagrant-ovirt4!

BUNDLED WITH
   1.17.2
